GEM
  remote: https://rubygems.org/
  specs:
    addressable (2.8.7)
      public_suffix (>= 2.0.2, < 7.0)
    argon2 (2.3.2)
      ffi (~> 1.15)
      ffi-compiler (~> 1.0)
    ast (2.4.3)
    base64 (0.3.0)
    better_errors (2.10.1)
      erubi (>= 1.0.0)
      rack (>= 0.9.0)
      rouge (>= 1.0.0)
    bigdecimal (3.2.2)
    binding_of_caller (1.0.1)
      debug_inspector (>= 1.2.0)
    capybara (3.40.0)
      addressable
      matrix
      mini_mime (>= 0.1.3)
      nokogiri (~> 1.11)
      rack (>= 1.6.0)
      rack-test (>= 0.6.3)
      regexp_parser (>= 1.5, < 3.0)
      xpath (~> 3.2)
    coderay (1.1.3)
    concurrent-ruby (1.3.5)
    connection_pool (2.5.3)
    database_cleaner-core (2.0.1)
    database_cleaner-sequel (2.0.2)
      database_cleaner-core (~> 2.0.0)
      sequel
    debug_inspector (1.2.0)
    diff-lcs (1.6.2)
    docile (1.4.1)
    dotenv (3.1.8)
    dry-auto_inject (1.1.0)
      dry-core (~> 1.1)
      zeitwerk (~> 2.6)
    dry-cli (1.2.0)
    dry-configurable (1.3.0)
      dry-core (~> 1.1)
      zeitwerk (~> 2.6)
    dry-core (1.1.0)
      concurrent-ruby (~> 1.0)
      logger
      zeitwerk (~> 2.6)
    dry-events (1.1.0)
      concurrent-ruby (~> 1.0)
      dry-core (~> 1.1)
    dry-files (1.1.0)
    dry-inflector (1.2.0)
    dry-initializer (3.2.0)
    dry-logger (1.1.0)
    dry-logic (1.6.0)
      bigdecimal
      concurrent-ruby (~> 1.0)
      dry-core (~> 1.1)
      zeitwerk (~> 2.6)
    dry-monads (1.9.0)
      concurrent-ruby (~> 1.0)
      dry-core (~> 1.1)
      zeitwerk (~> 2.6)
    dry-monitor (1.0.1)
      dry-configurable (~> 1.0, < 2)
      dry-core (~> 1.0, < 2)
      dry-events (~> 1.0, < 2)
    dry-operation (1.0.0)
      dry-monads (~> 1.6)
      zeitwerk (~> 2.6)
    dry-schema (1.14.1)
      concurrent-ruby (~> 1.0)
      dry-configurable (~> 1.0, >= 1.0.1)
      dry-core (~> 1.1)
      dry-initializer (~> 3.2)
      dry-logic (~> 1.5)
      dry-types (~> 1.8)
      zeitwerk (~> 2.6)
    dry-struct (1.8.0)
      dry-core (~> 1.1)
      dry-types (~> 1.8, >= 1.8.2)
      ice_nine (~> 0.11)
      zeitwerk (~> 2.6)
    dry-system (1.2.2)
      dry-auto_inject (~> 1.1)
      dry-configurable (~> 1.3)
      dry-core (~> 1.1)
      dry-inflector (~> 1.1)
    dry-transformer (1.0.1)
      zeitwerk (~> 2.6)
    dry-types (1.8.3)
      bigdecimal (~> 3.0)
      concurrent-ruby (~> 1.0)
      dry-core (~> 1.0)
      dry-inflector (~> 1.0)
      dry-logic (~> 1.4)
      zeitwerk (~> 2.6)
    dry-validation (1.11.1)
      concurrent-ruby (~> 1.0)
      dry-core (~> 1.1)
      dry-initializer (~> 3.2)
      dry-schema (~> 1.14)
      zeitwerk (~> 2.6)
    erubi (1.13.1)
    et-orbi (1.2.11)
      tzinfo
    faker (3.5.2)
      i18n (>= 1.8.11, < 2)
    ffi (1.17.2-aarch64-linux-gnu)
    ffi (1.17.2-aarch64-linux-musl)
    ffi (1.17.2-arm-linux-gnu)
    ffi (1.17.2-arm-linux-musl)
    ffi (1.17.2-arm64-darwin)
    ffi (1.17.2-x86_64-darwin)
    ffi (1.17.2-x86_64-linux-gnu)
    ffi (1.17.2-x86_64-linux-musl)
    ffi-compiler (1.3.2)
      ffi (>= 1.15.5)
      rake
    formatador (1.1.1)
    fugit (1.11.1)
      et-orbi (~> 1, >= 1.2.11)
      raabro (~> 1.4)
    guard (2.19.1)
      formatador (>= 0.2.4)
      listen (>= 2.7, < 4.0)
      logger (~> 1.6)
      lumberjack (>= 1.0.12, < 2.0)
      nenv (~> 0.1)
      notiffany (~> 0.0)
      ostruct (~> 0.6)
      pry (>= 0.13.0)
      shellany (~> 0.0)
      thor (>= 0.18.1)
    guard-compat (1.2.1)
    guard-puma (0.8.1)
      guard (~> 2.14)
      guard-compat (~> 1.2)
      puma (>= 4.0, < 7)
    hanami (2.2.1)
      bundler (>= 1.16, < 3)
      dry-configurable (~> 1.0, >= 1.2.0, < 2)
      dry-core (~> 1.0, < 2)
      dry-inflector (~> 1.0, >= 1.1.0, < 2)
      dry-logger (~> 1.0, < 2)
      dry-monitor (~> 1.0, >= 1.0.1, < 2)
      dry-system (~> 1.1)
      hanami-cli (~> 2.2.1)
      hanami-utils (~> 2.2)
      json (>= 2.7.2)
      zeitwerk (~> 2.6)
    hanami-assets (2.2.0)
      zeitwerk (~> 2.6)
    hanami-cli (2.2.1)
      bundler (~> 2.1)
      dry-cli (~> 1.0, >= 1.1.0)
      dry-files (~> 1.0, >= 1.0.2, < 2)
      dry-inflector (~> 1.0, < 2)
      rake (~> 13.0)
      zeitwerk (~> 2.6)
    hanami-controller (2.2.0)
      dry-configurable (~> 1.0, < 2)
      dry-core (~> 1.0)
      hanami-utils (~> 2.2)
      rack (~> 2.0)
      zeitwerk (~> 2.6)
    hanami-db (2.2.1)
      rom (~> 5.4, >= 5.4.1)
      rom-sql (~> 3.7)
      zeitwerk (~> 2.6)
    hanami-reloader (2.2.0)
      guard (~> 2.19)
      guard-puma (~> 0.8)
      hanami-cli (~> 2.2)
      zeitwerk (~> 2.6)
    hanami-router (2.2.0)
      mustermann (~> 3.0)
      mustermann-contrib (~> 3.0)
      rack (~> 2.0)
    hanami-rspec (2.2.1)
      hanami-cli (~> 2.2)
      rake (~> 13.0)
      rspec (~> 3.12)
      zeitwerk (~> 2.6)
    hanami-utils (2.2.0)
      concurrent-ruby (~> 1.0)
      dry-core (~> 1.0, < 2)
      dry-transformer (~> 1.0, < 2)
    hanami-validations (2.2.0)
      dry-validation (>= 1.10, < 2)
    hanami-view (2.2.1)
      dry-configurable (~> 1.0)
      dry-core (~> 1.0)
      dry-inflector (~> 1.0, < 2)
      temple (~> 0.10.0, >= 0.10.2)
      tilt (~> 2.3)
      zeitwerk (~> 2.6)
    hanami-webconsole (2.2.0)
      better_errors (~> 2.10, >= 2.10.1)
      binding_of_caller (~> 1.0)
    hansi (0.2.1)
    i18n (1.14.7)
      concurrent-ruby (~> 1.0)
    ice_nine (0.11.2)
    json (2.13.1)
    language_server-protocol (3.17.0.5)
    lint_roller (1.1.0)
    listen (3.9.0)
      rb-fsevent (~> 0.10, >= 0.10.3)
      rb-inotify (~> 0.9, >= 0.9.10)
    logger (1.7.0)
    lumberjack (1.2.10)
    matrix (0.4.3)
    method_source (1.1.0)
    mini_mime (1.1.5)
    mustermann (3.0.3)
      ruby2_keywords (~> 0.0.1)
    mustermann-contrib (3.0.3)
      hansi (~> 0.2.0)
      mustermann (= 3.0.3)
    nenv (0.3.0)
    nio4r (2.7.4)
    nokogiri (1.18.9-aarch64-linux-gnu)
      racc (~> 1.4)
    nokogiri (1.18.9-aarch64-linux-musl)
      racc (~> 1.4)
    nokogiri (1.18.9-arm-linux-gnu)
      racc (~> 1.4)
    nokogiri (1.18.9-arm-linux-musl)
      racc (~> 1.4)
    nokogiri (1.18.9-arm64-darwin)
      racc (~> 1.4)
    nokogiri (1.18.9-x86_64-darwin)
      racc (~> 1.4)
    nokogiri (1.18.9-x86_64-linux-gnu)
      racc (~> 1.4)
    nokogiri (1.18.9-x86_64-linux-musl)
      racc (~> 1.4)
    notiffany (0.1.3)
      nenv (~> 0.1)
      shellany (~> 0.0)
    ostruct (0.6.3)
    parallel (1.27.0)
    parser (3.3.8.0)
      ast (~> 2.4.1)
      racc
    pg (1.5.9)
    prettier_print (1.2.1)
    prism (1.4.0)
    pry (0.15.2)
      coderay (~> 1.1)
      method_source (~> 1.0)
    public_suffix (6.0.2)
    puma (6.6.0)
      nio4r (~> 2.0)
    raabro (1.4.0)
    racc (1.8.1)
    rack (2.2.17)
    rack-test (2.2.0)
      rack (>= 1.3)
    rainbow (3.1.1)
    rake (13.3.0)
    rb-fsevent (0.11.2)
    rb-inotify (0.11.1)
      ffi (~> 1.0)
    redis (5.4.1)
      redis-client (>= 0.22.0)
    redis-client (0.25.1)
      connection_pool
    regexp_parser (2.10.0)
    rom (5.4.2)
      rom-changeset (~> 5.4)
      rom-core (~> 5.4)
      rom-repository (~> 5.4, >= 5.4.2)
    rom-changeset (5.4.0)
      dry-core (~> 1.0)
      rom-core (~> 5.4)
      transproc (~> 1.1)
    rom-core (5.4.0)
      concurrent-ruby (~> 1.1)
      dry-configurable (~> 1.0)
      dry-core (~> 1.0)
      dry-inflector (~> 1.0)
      dry-initializer (~> 3.2)
      dry-struct (~> 1.0)
      dry-types (~> 1.6)
      transproc (~> 1.1)
    rom-factory (0.13.0)
      dry-configurable (~> 1.3)
      dry-core (~> 1.1)
      dry-struct (~> 1.7)
      faker (>= 2.0, < 4)
      rom-core (~> 5.4)
    rom-repository (5.4.2)
      dry-core (~> 1.0)
      dry-initializer (~> 3.2)
      rom-core (~> 5.4)
    rom-sql (3.7.0)
      dry-core (~> 1.1)
      dry-types (~> 1.8)
      rom (~> 5.4)
      sequel (>= 4.49)
    rouge (4.5.2)
    rspec (3.13.1)
      rspec-core (~> 3.13.0)
      rspec-expectations (~> 3.13.0)
      rspec-mocks (~> 3.13.0)
    rspec-core (3.13.5)
      rspec-support (~> 3.13.0)
    rspec-expectations (3.13.5)
      diff-lcs (>= 1.2.0, < 2.0)
      rspec-support (~> 3.13.0)
    rspec-mocks (3.13.5)
      diff-lcs (>= 1.2.0, < 2.0)
      rspec-support (~> 3.13.0)
    rspec-support (3.13.4)
    rubocop (1.79.0)
      json (~> 2.3)
      language_server-protocol (~> 3.17.0.2)
      lint_roller (~> 1.1.0)
      parallel (~> 1.10)
      parser (>= 3.3.0.2)
      rainbow (>= 2.2.2, < 4.0)
      regexp_parser (>= 2.9.3, < 3.0)
      rubocop-ast (>= 1.46.0, < 2.0)
      ruby-progressbar (~> 1.7)
      tsort (>= 0.2.0)
      unicode-display_width (>= 2.4.0, < 4.0)
    rubocop-ast (1.46.0)
      parser (>= 3.3.7.2)
      prism (~> 1.4)
    rubocop-capybara (2.22.1)
      lint_roller (~> 1.1)
      rubocop (~> 1.72, >= 1.72.1)
    rubocop-ordered_methods (0.14)
      rubocop (>= 1.0)
    rubocop-performance (1.25.0)
      lint_roller (~> 1.1)
      rubocop (>= 1.75.0, < 2.0)
      rubocop-ast (>= 1.38.0, < 2.0)
    rubocop-rspec (3.6.0)
      lint_roller (~> 1.1)
      rubocop (~> 1.72, >= 1.72.1)
    ruby-progressbar (1.13.0)
    ruby2_keywords (0.0.5)
    rufus-scheduler (3.9.2)
      fugit (~> 1.1, >= 1.11.1)
    sequel (5.94.0)
      bigdecimal
    shellany (0.0.1)
    sidekiq (7.3.9)
      base64
      connection_pool (>= 2.3.0)
      logger
      rack (>= 2.2.4)
      redis-client (>= 0.22.2)
    sidekiq-scheduler (6.0.1)
      rufus-scheduler (~> 3.2)
      sidekiq (>= 7.3, < 9)
    simplecov (0.22.0)
      docile (~> 1.1)
      simplecov-html (~> 0.11)
      simplecov_json_formatter (~> 0.1)
    simplecov-html (0.13.2)
    simplecov_json_formatter (0.1.4)
    syntax_tree (6.3.0)
      prettier_print (>= 1.2.0)
    syntax_tree-css (0.1.0)
      prettier_print
      syntax_tree (>= 2.0.1)
    syntax_tree-tailwindcss (0.1.0)
      syntax_tree (~> 6.2)
    temple (0.10.3)
    thor (1.4.0)
    tilt (2.6.1)
    transproc (1.1.1)
    tsort (0.2.0)
    tzinfo (2.0.6)
      concurrent-ruby (~> 1.0)
    unicode-display_width (3.1.4)
      unicode-emoji (~> 4.0, >= 4.0.4)
    unicode-emoji (4.0.4)
    w_syntax_tree-erb (0.12.0)
      prettier_print (~> 1.2, >= 1.2.0)
      syntax_tree (~> 6.1, >= 6.1.1)
    xpath (3.2.0)
      nokogiri (~> 1.8)
    zeitwerk (2.7.3)

PLATFORMS
  aarch64-linux-gnu
  aarch64-linux-musl
  arm-linux-gnu
  arm-linux-musl
  arm64-darwin
  x86_64-darwin
  x86_64-linux-gnu
  x86_64-linux-musl

DEPENDENCIES
  argon2
  capybara
  database_cleaner-sequel
  dotenv
  dry-operation
  dry-types
  faker
  hanami
  hanami-assets
  hanami-controller
  hanami-db
  hanami-reloader
  hanami-router
  hanami-rspec
  hanami-validations
  hanami-view
  hanami-webconsole
  i18n
  pg
  prettier_print
  puma
  rack-test
  redis
  rom-factory
  rubocop
  rubocop-capybara
  rubocop-ordered_methods
  rubocop-performance
  rubocop-rspec
  sidekiq
  sidekiq-scheduler
  simplecov
  syntax_tree
  syntax_tree-css
  syntax_tree-tailwindcss
  w_syntax_tree-erb

RUBY VERSION
   ruby 3.4.5p51

BUNDLED WITH
   2.7.0
